PATH
  remote: .
  specs:
    flapjack_configurator (0.0.1)
      deep_merge (~> 1.0)
      flapjack-diner (~> 1.3)
      ruby_deep_clone (~> 0.6)

GEM
  remote: https://rubygems.org/
  specs:
    deep_merge (1.0.1)
    flapjack-diner (1.3.0)
      httparty (>= 0.10)
      json (>= 1.7.7)
    httparty (0.13.7)
      json (~> 1.8)
      multi_xml (>= 0.5.2)
    json (1.8.3)
    multi_xml (0.5.5)
    rake (10.4.2)
    ruby_deep_clone (0.6.0)

PLATFORMS
  ruby

DEPENDENCIES
  bundler (~> 1.7)
  flapjack_configurator!
  rake (~> 10.0)
