PATH
  remote: .
  specs:
    flapjack_configurator (0.0.1)
      deep_merge (~> 1.0)
      flapjack-diner (~> 1.3)
      ruby_deep_clone (~> 0.6)

GEM
  remote: https://rubygems.org/
  specs:
    deep_merge (1.0.1)
    diff-lcs (1.2.5)
    docile (1.1.5)
    docker-api (1.22.4)
      excon (>= 0.38.0)
      json
    excon (0.45.4)
    flapjack-diner (1.3.0)
      httparty (>= 0.10)
      json (>= 1.7.7)
    httparty (0.13.7)
      json (~> 1.8)
      multi_xml (>= 0.5.2)
    json (1.8.3)
    multi_json (1.11.2)
    multi_xml (0.5.5)
    rake (10.4.2)
    rspec (3.3.0)
      rspec-core (~> 3.3.0)
      rspec-expectations (~> 3.3.0)
      rspec-mocks (~> 3.3.0)
    rspec-core (3.3.2)
      rspec-support (~> 3.3.0)
    rspec-expectations (3.3.1)
      diff-lcs (>= 1.2.0, < 2.0)
      rspec-support (~> 3.3.0)
    rspec-mocks (3.3.2)
      diff-lcs (>= 1.2.0, < 2.0)
      rspec-support (~> 3.3.0)
    rspec-support (3.3.0)
    ruby_deep_clone (0.6.0)
    simplecov (0.9.1)
      docile (~> 1.1.0)
      multi_json (~> 1.0)
      simplecov-html (~> 0.8.0)
    simplecov-html (0.8.0)

PLATFORMS
  ruby

DEPENDENCIES
  bundler (~> 1.7)
  docker-api
  flapjack_configurator!
  rake (~> 10.0)
  rspec
  simplecov
